GEM
  remote: http://rubygems.org/
  specs:
    addressable (2.3.3)
    caldecott-client (0.0.2)
      multi_json (~> 1.3)
    cf-uaa-lib (1.3.10)
      multi_json
    cfoundry (0.5.2)
      cf-uaa-lib (~> 1.3.3)
      multi_json (~> 1.3)
      multipart-post (~> 1.1)
      rubyzip (~> 0.9)
    clouseau (0.0.2)
      rubyzip (~> 0.9.9)
    cookiejar (0.3.0)
    em-http-request (1.0.3)
      addressable (>= 2.2.3)
      cookiejar
      em-socksify
      eventmachine (>= 1.0.0.beta.4)
      http_parser.rb (>= 0.5.3)
    em-socksify (0.2.1)
      eventmachine (>= 1.0.0.beta.4)
    em-synchrony (1.0.3)
      eventmachine (>= 1.0.0.beta.1)
    eventmachine (1.0.3)
    faraday (0.8.6)
      multipart-post (~> 1.1)
    git (1.2.5)
    http_parser.rb (0.5.3)
    interact (0.5.2)
    jeweler (1.8.4)
      bundler (~> 1.0)
      git (>= 1.2.5)
      rake
      rdoc
    json (1.7.7)
    json_pure (1.7.7)
    manifests-vmc-plugin (0.6.2)
      cfoundry (~> 0.5.2)
    mime-types (1.21)
    mothership (0.5.1)
    multi_json (1.7.2)
    multipart-post (1.2.0)
    rake (10.0.3)
    rdoc (4.0.0)
      json (~> 1.4)
    rest-client (1.6.7)
      mime-types (>= 1.16)
    rubyzip (0.9.9)
    tunnel-vmc-plugin (0.2.2)
      addressable (~> 2.2)
      caldecott-client (~> 0.0.2)
      cfoundry (~> 0.5.2)
      rest-client (~> 1.6)
      uuidtools (~> 2.1)
    uuidtools (2.1.3)
    vmc (0.5.0)
      cfoundry (~> 0.5.2)
      clouseau (~> 0.0)
      interact (~> 0.5)
      json_pure (~> 1.6)
      manifests-vmc-plugin (~> 0.6.2)
      mothership (>= 0.5.1, < 1.0)
      multi_json (~> 1.3)
      tunnel-vmc-plugin (~> 0.2.2)

PLATFORMS
  ruby

DEPENDENCIES
  bundler
  em-http-request
  em-synchrony
  eventmachine
  faraday
  jeweler (~> 1.8.4)
  rake
  vmc
