GEM
  remote: http://rubygems.org/
  specs:
    addressable (2.3.3)
    cookiejar (0.3.0)
    em-http-request (1.0.3)
      addressable (>= 2.2.3)
      cookiejar
      em-socksify
      eventmachine (>= 1.0.0.beta.4)
      http_parser.rb (>= 0.5.3)
    em-socksify (0.2.1)
      eventmachine (>= 1.0.0.beta.4)
    em-synchrony (1.0.3)
      eventmachine (>= 1.0.0.beta.1)
    eventmachine (1.0.3)
    faraday (0.8.6)
      multipart-post (~> 1.1)
    git (1.2.5)
    http_parser.rb (0.5.3)
    jeweler (1.8.4)
      bundler (~> 1.0)
      git (>= 1.2.5)
      rake
      rdoc
    json (1.7.7)
    multipart-post (1.2.0)
    rake (10.0.3)
    rdoc (4.0.0)
      json (~> 1.4)

PLATFORMS
  ruby

DEPENDENCIES
  bundler
  em-http-request
  em-synchrony
  eventmachine
  faraday
  jeweler (~> 1.8.4)
  rake
