GIT
  remote: https://github.com/lashd/playground.git
  revision: 411b1d8faa422ae0269cf49d628e921a5af0b2d5
  specs:
    playground-portal-helpers (0.1.10)
      em-http-request
      em-synchrony
      eventmachine
      faraday

GEM
  remote: http://rubygems.org/
  specs:
    activesupport (3.2.13)
      i18n (= 0.6.1)
      multi_json (~> 1.0)
    addressable (2.3.3)
    backports (2.6.7)
    builder (3.2.0)
    cloudfoundry-env (0.0.5)
      hashie
    cookiejar (0.3.0)
    daemons (1.1.9)
    descendants_tracker (0.0.1)
    em-http-request (1.0.3)
      addressable (>= 2.2.3)
      cookiejar
      em-socksify
      eventmachine (>= 1.0.0.beta.4)
      http_parser.rb (>= 0.5.3)
    em-socksify (0.2.1)
      eventmachine (>= 1.0.0.beta.4)
    em-synchrony (1.0.3)
      eventmachine (>= 1.0.0.beta.1)
    eventmachine (1.0.3)
    faraday (0.8.6)
      multipart-post (~> 1.1)
    grape (0.4.0)
      activesupport
      builder
      hashie (>= 1.2.0)
      multi_json (>= 1.3.2)
      multi_xml (>= 0.5.2)
      rack (>= 1.3.0)
      rack-accept
      rack-mount
      virtus
    hashie (2.0.3)
    http_parser.rb (0.5.3)
    i18n (0.6.1)
    multi_json (1.7.2)
    multi_xml (0.5.3)
    multipart-post (1.2.0)
    rack (1.5.2)
    rack-accept (0.4.5)
      rack (>= 0.4)
    rack-fiber_pool (0.9.3)
    rack-mount (0.8.3)
      rack (>= 1.0.0)
    thin (1.5.1)
      daemons (>= 1.0.9)
      eventmachine (>= 0.12.6)
      rack (>= 1.0.0)
    virtus (0.5.4)
      backports (~> 2.6.1)
      descendants_tracker (~> 0.0.1)

PLATFORMS
  ruby

DEPENDENCIES
  cloudfoundry-env
  grape
  playground-portal-helpers!
  rack-fiber_pool
  thin
