GIT
  remote: https://github.com/lashd/playground.git
  revision: ee20239a7d78905bea18c8897131965bac17efdd
  specs:
    playground-portal-helpers (0.2.0)
      em-http-request
      em-synchrony
      eventmachine
      faraday
      vmc

GEM
  remote: http://rubygems.org/
  specs:
    addressable (2.3.3)
    caldecott-client (0.0.2)
      multi_json (~> 1.3)
    cf-uaa-lib (1.3.10)
      multi_json
    cfoundry (0.5.2)
      cf-uaa-lib (~> 1.3.3)
      multi_json (~> 1.3)
      multipart-post (~> 1.1)
      rubyzip (~> 0.9)
    cloudfoundry-env (0.0.5)
      hashie
    clouseau (0.0.2)
      rubyzip (~> 0.9.9)
    cookiejar (0.3.0)
    daemons (1.1.9)
    em-http-request (1.0.3)
      addressable (>= 2.2.3)
      cookiejar
      em-socksify
      eventmachine (>= 1.0.0.beta.4)
      http_parser.rb (>= 0.5.3)
    em-socksify (0.2.1)
      eventmachine (>= 1.0.0.beta.4)
    em-synchrony (1.0.3)
      eventmachine (>= 1.0.0.beta.1)
    eventmachine (1.0.3)
    faraday (0.8.7)
      multipart-post (~> 1.1)
    haml (4.0.1)
      tilt
    hashie (2.0.3)
    http_parser.rb (0.5.3)
    interact (0.5.2)
    json_pure (1.7.7)
    manifests-vmc-plugin (0.6.2)
      cfoundry (~> 0.5.2)
    mime-types (1.21)
    mothership (0.5.1)
    multi_json (1.7.2)
    multipart-post (1.2.0)
    rack (1.5.2)
    rack-fiber_pool (0.9.3)
    rack-protection (1.5.0)
      rack
    rest-client (1.6.7)
      mime-types (>= 1.16)
    rubyzip (0.9.9)
    sinatra (1.4.2)
      rack (~> 1.5, >= 1.5.2)
      rack-protection (~> 1.4)
      tilt (~> 1.3, >= 1.3.4)
    thin (1.5.1)
      daemons (>= 1.0.9)
      eventmachine (>= 0.12.6)
      rack (>= 1.0.0)
    tilt (1.3.6)
    tunnel-vmc-plugin (0.2.2)
      addressable (~> 2.2)
      caldecott-client (~> 0.0.2)
      cfoundry (~> 0.5.2)
      rest-client (~> 1.6)
      uuidtools (~> 2.1)
    uuidtools (2.1.3)
    vmc (0.5.0)
      cfoundry (~> 0.5.2)
      clouseau (~> 0.0)
      interact (~> 0.5)
      json_pure (~> 1.6)
      manifests-vmc-plugin (~> 0.6.2)
      mothership (>= 0.5.1, < 1.0)
      multi_json (~> 1.3)
      tunnel-vmc-plugin (~> 0.2.2)

PLATFORMS
  ruby

DEPENDENCIES
  cloudfoundry-env
  haml
  playground-portal-helpers!
  rack-fiber_pool
  sinatra
  thin
