GIT
  remote: https://github.com/lashd/playground.git
  revision: 2efb19d8315c50ad181feebcca013fcf8ec705b0
  specs:
    playground-portal-helpers (0.2.0)
      em-http-request
      em-synchrony
      eventmachine
      faraday
      vmc

GEM
  remote: http://rubygems.org/
  remote: http://localhost:8808/
  specs:
    activesupport (3.2.12)
      i18n (~> 0.6)
      multi_json (~> 1.0)
    addressable (2.3.3)
    backports (2.6.7)
    builder (3.2.0)
    caldecott-client (0.0.2)
      multi_json (~> 1.3)
    cf-uaa-lib (1.3.10)
      multi_json
    cfoundry (0.5.2)
      cf-uaa-lib (~> 1.3.3)
      multi_json (~> 1.3)
      multipart-post (~> 1.1)
      rubyzip (~> 0.9)
    clouseau (0.0.2)
      rubyzip (~> 0.9.9)
    cookiejar (0.3.0)
    daemons (1.1.9)
    descendants_tracker (0.0.1)
    em-http-request (1.0.3)
      addressable (>= 2.2.3)
      cookiejar
      em-socksify
      eventmachine (>= 1.0.0.beta.4)
      http_parser.rb (>= 0.5.3)
    em-resolv-replace (1.1.3)
    em-socksify (0.2.1)
      eventmachine (>= 1.0.0.beta.4)
    em-synchrony (1.0.3)
      eventmachine (>= 1.0.0.beta.1)
    eventmachine (1.0.3)
    eventmachine (1.0.3-java)
    faraday (0.8.6)
      multipart-post (~> 1.1)
    grape (0.3.2)
      activesupport
      builder
      hashie (>= 1.2.0)
      multi_json (>= 1.3.2)
      multi_xml (>= 0.5.2)
      rack
      rack-accept
      rack-mount
      virtus
    haml (4.0.0)
      tilt
    hashie (2.0.2)
    http_parser.rb (0.5.3)
    http_parser.rb (0.5.3-java)
    i18n (0.6.4)
    interact (0.5.2)
    json_pure (1.7.7)
    macaddr (1.6.1)
      systemu (~> 2.5.0)
    manifests-vmc-plugin (0.6.2)
      cfoundry (~> 0.5.2)
    mime-types (1.23)
    mothership (0.5.1)
    multi_json (1.7.0)
    multi_xml (0.5.3)
    multipart-post (1.2.0)
    rack (1.5.2)
    rack-accept (0.4.5)
      rack (>= 0.4)
    rack-fiber_pool (0.9.2)
    rack-mount (0.8.3)
      rack (>= 1.0.0)
    rack-protection (1.5.0)
      rack
    rest-client (1.6.7)
      mime-types (>= 1.16)
    rubyzip (0.9.9)
    sinatra (1.4.1)
      rack (~> 1.5, >= 1.5.2)
      rack-protection (~> 1.4)
      tilt (~> 1.3, >= 1.3.4)
    sinatra-synchrony (0.4.1)
      em-http-request (~> 1.0)
      em-resolv-replace (~> 1.1)
      em-synchrony (~> 1.0.1)
      eventmachine (~> 1.0.0)
      rack-fiber_pool (~> 0.9)
      sinatra (~> 1.0)
    systemu (2.5.2)
    thin (1.5.0)
      daemons (>= 1.0.9)
      eventmachine (>= 0.12.6)
      rack (>= 1.0.0)
    tilt (1.3.5)
    tunnel-vmc-plugin (0.2.2)
      addressable (~> 2.2)
      caldecott-client (~> 0.0.2)
      cfoundry (~> 0.5.2)
      rest-client (~> 1.6)
      uuidtools (~> 2.1)
    uuid (2.3.7)
      macaddr (~> 1.0)
    uuidtools (2.1.4)
    virtus (0.5.4)
      backports (~> 2.6.1)
      descendants_tracker (~> 0.0.1)
    vmc (0.5.0)
      cfoundry (~> 0.5.2)
      clouseau (~> 0.0)
      interact (~> 0.5)
      json_pure (~> 1.6)
      manifests-vmc-plugin (~> 0.6.2)
      mothership (>= 0.5.1, < 1.0)
      multi_json (~> 1.3)
      tunnel-vmc-plugin (~> 0.2.2)

PLATFORMS
  java
  ruby

DEPENDENCIES
  em-http-request
  em-synchrony
  eventmachine
  faraday
  grape
  haml
  playground-portal-helpers!
  sinatra
  sinatra-synchrony
  thin
  uuid
