GEM
  remote: http://rubygems.org/
  specs:
    activesupport (3.2.12)
      i18n (~> 0.6)
      multi_json (~> 1.0)
    addressable (2.3.3)
    async-rack (0.5.1)
      rack (~> 1.1)
    backports (2.6.7)
    builder (3.2.0)
    cookiejar (0.3.0)
    daemons (1.1.9)
    dalli (2.6.2)
    descendants_tracker (0.0.1)
    em-http-request (1.0.3)
      addressable (>= 2.2.3)
      cookiejar
      em-socksify
      eventmachine (>= 1.0.0.beta.4)
      http_parser.rb (>= 0.5.3)
    em-resolv-replace (1.1.3)
    em-socksify (0.2.1)
      eventmachine (>= 1.0.0.beta.4)
    em-synchrony (1.0.3)
      eventmachine (>= 1.0.0.beta.1)
    em-websocket (0.5.0)
      eventmachine (>= 0.12.9)
      http_parser.rb (~> 0.5.3)
    eventmachine (1.0.3)
    eventmachine (1.0.3-java)
    faraday (0.8.6)
      multipart-post (~> 1.1)
    goliath (1.0.1)
      async-rack
      em-synchrony (>= 1.0.0)
      em-websocket
      eventmachine (>= 1.0.0.beta.4)
      http_parser.rb (= 0.5.3)
      log4r
      multi_json
      rack (>= 1.2.2)
      rack-contrib
      rack-respond_to
    grape (0.3.2)
      activesupport
      builder
      hashie (>= 1.2.0)
      multi_json (>= 1.3.2)
      multi_xml (>= 0.5.2)
      rack
      rack-accept
      rack-mount
      virtus
    haml (4.0.0)
      tilt
    hashie (2.0.2)
    http_parser.rb (0.5.3)
    http_parser.rb (0.5.3-java)
    i18n (0.6.4)
    log4r (1.1.10)
    macaddr (1.6.1)
      systemu (~> 2.5.0)
    multi_json (1.7.0)
    multi_xml (0.5.3)
    multipart-post (1.2.0)
    rack (1.5.2)
    rack-accept (0.4.5)
      rack (>= 0.4)
    rack-accept-media-types (0.9)
    rack-contrib (1.1.0)
      rack (>= 0.9.1)
    rack-fiber_pool (0.9.2)
    rack-mount (0.8.3)
      rack (>= 1.0.0)
    rack-protection (1.5.0)
      rack
    rack-respond_to (0.9.8)
      rack-accept-media-types (>= 0.6)
    remcached (0.4.1)
    sinatra (1.4.1)
      rack (~> 1.5, >= 1.5.2)
      rack-protection (~> 1.4)
      tilt (~> 1.3, >= 1.3.4)
    sinatra-synchrony (0.4.1)
      em-http-request (~> 1.0)
      em-resolv-replace (~> 1.1)
      em-synchrony (~> 1.0.1)
      eventmachine (~> 1.0.0)
      rack-fiber_pool (~> 0.9)
      sinatra (~> 1.0)
    systemu (2.5.2)
    thin (1.5.0)
      daemons (>= 1.0.9)
      eventmachine (>= 0.12.6)
      rack (>= 1.0.0)
    tilt (1.3.5)
    uuid (2.3.7)
      macaddr (~> 1.0)
    virtus (0.5.4)
      backports (~> 2.6.1)
      descendants_tracker (~> 0.0.1)

PLATFORMS
  java
  ruby

DEPENDENCIES
  dalli
  em-synchrony
  faraday
  goliath
  grape
  haml
  remcached
  sinatra
  sinatra-synchrony
  thin
  uuid
